GEM
  remote: https://rubygems.org/
  specs:
    actioncable (6.0.3.1)
      actionpack (= 6.0.3.1)
      nio4r (~> 2.0)
      websocket-driver (>= 0.6.1)
    actionmailbox (6.0.3.1)
      actionpack (= 6.0.3.1)
      activejob (= 6.0.3.1)
      activerecord (= 6.0.3.1)
      activestorage (= 6.0.3.1)
      activesupport (= 6.0.3.1)
      mail (>= 2.7.1)
    actionmailer (6.0.3.1)
      actionpack (= 6.0.3.1)
      actionview (= 6.0.3.1)
      activejob (= 6.0.3.1)
      mail (~> 2.5, >= 2.5.4)
      rails-dom-testing (~> 2.0)
    actionpack (6.0.3.1)
      actionview (= 6.0.3.1)
      activesupport (= 6.0.3.1)
      rack (~> 2.0, >= 2.0.8)
      rack-test (>= 0.6.3)
      rails-dom-testing (~> 2.0)
      rails-html-sanitizer (~> 1.0, >= 1.2.0)
    actiontext (6.0.3.1)
      actionpack (= 6.0.3.1)
      activerecord (= 6.0.3.1)
      activestorage (= 6.0.3.1)
      activesupport (= 6.0.3.1)
      nokogiri (>= 1.8.5)
    actionview (6.0.3.1)
      activesupport (= 6.0.3.1)
      builder (~> 3.1)
      erubi (~> 1.4)
      rails-dom-testing (~> 2.0)
      rails-html-sanitizer (~> 1.1, >= 1.2.0)
    activejob (6.0.3.1)
      activesupport (= 6.0.3.1)
      globalid (>= 0.3.6)
    activemodel (6.0.3.1)
      activesupport (= 6.0.3.1)
    activemodel-serializers-xml (1.0.2)
      activemodel (> 5.x)
      activesupport (> 5.x)
      builder (~> 3.1)
    activerecord (6.0.3.1)
      activemodel (= 6.0.3.1)
      activesupport (= 6.0.3.1)
    activestorage (6.0.3.1)
      actionpack (= 6.0.3.1)
      activejob (= 6.0.3.1)
      activerecord (= 6.0.3.1)
      marcel (~> 0.3.1)
    activesupport (6.0.3.1)
      concurrent-ruby (~> 1.0, >= 1.0.2)
      i18n (>= 0.7, < 2)
      minitest (~> 5.1)
      tzinfo (~> 1.1)
      zeitwerk (~> 2.2, >= 2.2.2)
    addressable (2.7.0)
      public_suffix (>= 2.0.2, < 5.0)
    ast (2.4.0)
    bcrypt (3.1.13)
    bootsnap (1.4.6)
      msgpack (~> 1.0)
    builder (3.2.4)
    coderay (1.1.2)
    concurrent-ruby (1.1.8)
    crass (1.0.6)
    database_cleaner (2.0.1)
      database_cleaner-active_record (~> 2.0.0)
    database_cleaner-active_record (2.0.0)
      activerecord (>= 5.a)
      database_cleaner-core (~> 2.0.0)
    database_cleaner-core (2.0.1)
    diff-lcs (1.4.4)
    dotenv (2.7.5)
    dotenv-rails (2.7.5)
      dotenv (= 2.7.5)
      railties (>= 3.2, < 6.1)
    draper (4.0.1)
      actionpack (>= 5.0)
      activemodel (>= 5.0)
      activemodel-serializers-xml (>= 1.0)
      activesupport (>= 5.0)
      request_store (>= 1.0)
    erubi (1.10.0)
    factory_bot (5.2.0)
      activesupport (>= 4.2.0)
    factory_bot_rails (5.2.0)
      factory_bot (~> 5.2.0)
      railties (>= 4.2.0)
    ffaker (2.18.0)
    ffi (1.14.2)
    globalid (0.4.2)
      activesupport (>= 4.2.0)
    i18n (1.8.8)
      concurrent-ruby (~> 1.0)
    json-schema (2.8.1)
      addressable (>= 2.4)
    listen (3.4.1)
      rb-fsevent (~> 0.10, >= 0.10.3)
      rb-inotify (~> 0.9, >= 0.9.10)
    loofah (2.9.0)
      crass (~> 1.0.2)
      nokogiri (>= 1.5.9)
    mail (2.7.1)
      mini_mime (>= 0.1.1)
    marcel (0.3.3)
      mimemagic (~> 0.3.2)
    method_source (0.9.2)
    mimemagic (0.3.5)
    mini_mime (1.0.2)
    mini_portile2 (2.5.0)
    minitest (5.14.3)
    msgpack (1.3.3)
    nio4r (2.5.2)
    nokogiri (1.11.1)
      mini_portile2 (~> 2.5.0)
      racc (~> 1.4)
    pagy (3.10.0)
    parallel (1.19.1)
    parser (2.7.1.3)
      ast (~> 2.4.0)
    pg (1.2.3)
    pry (0.12.2)
      coderay (~> 1.1.0)
      method_source (~> 0.9.0)
    pry-rails (0.3.9)
      pry (>= 0.10.4)
    public_suffix (4.0.5)
    puma (4.3.5)
      nio4r (~> 2.0)
    pundit (2.1.0)
      activesupport (>= 3.0.0)
    racc (1.5.2)
    rack (2.2.3)
    rack-cors (1.1.1)
      rack (>= 2.0.0)
    rack-test (1.1.0)
      rack (>= 1.0, < 3)
    rails (6.0.3.1)
      actioncable (= 6.0.3.1)
      actionmailbox (= 6.0.3.1)
      actionmailer (= 6.0.3.1)
      actionpack (= 6.0.3.1)
      actiontext (= 6.0.3.1)
      actionview (= 6.0.3.1)
      activejob (= 6.0.3.1)
      activemodel (= 6.0.3.1)
      activerecord (= 6.0.3.1)
      activestorage (= 6.0.3.1)
      activesupport (= 6.0.3.1)
      bundler (>= 1.3.0)
      railties (= 6.0.3.1)
      sprockets-rails (>= 2.0.0)
    rails-dom-testing (2.0.3)
      activesupport (>= 4.2.0)
      nokogiri (>= 1.6)
    rails-html-sanitizer (1.3.0)
      loofah (~> 2.3)
    railties (6.0.3.1)
      actionpack (= 6.0.3.1)
      activesupport (= 6.0.3.1)
      method_source
      rake (>= 0.8.7)
      thor (>= 0.20.3, < 2.0)
    rainbow (3.0.0)
    rake (13.0.3)
    rb-fsevent (0.10.4)
    rb-inotify (0.10.1)
      ffi (~> 1.0)
    request_store (1.5.0)
      rack (>= 1.4)
    rexml (3.2.4)
    rspec-core (3.10.1)
      rspec-support (~> 3.10.0)
    rspec-expectations (3.10.1)
      diff-lcs (>= 1.2.0, < 2.0)
      rspec-support (~> 3.10.0)
    rspec-mocks (3.10.2)
      diff-lcs (>= 1.2.0, < 2.0)
      rspec-support (~> 3.10.0)
    rspec-rails (4.0.2)
      actionpack (>= 4.2)
      activesupport (>= 4.2)
      railties (>= 4.2)
      rspec-core (~> 3.10)
      rspec-expectations (~> 3.10)
      rspec-mocks (~> 3.10)
      rspec-support (~> 3.10)
    rspec-support (3.10.2)
    rswag-api (2.4.0)
      railties (>= 3.1, < 7.0)
    rswag-specs (2.3.1)
      activesupport (>= 3.1, < 7.0)
      json-schema (~> 2.2)
      railties (>= 3.1, < 7.0)
    rubocop (0.84.0)
      parallel (~> 1.10)
      parser (>= 2.7.0.1)
      rainbow (>= 2.2.2, < 4.0)
      rexml
      rubocop-ast (>= 0.0.3)
      ruby-progressbar (~> 1.7)
      unicode-display_width (>= 1.4.0, < 2.0)
    rubocop-ast (0.0.3)
      parser (>= 2.7.0.1)
    rubocop-performance (1.5.1)
      rubocop (>= 0.71.0)
    rubocop-rails (2.5.2)
      activesupport
      rack (>= 1.1)
      rubocop (>= 0.72.0)
    rubocop-thread_safety (0.3.4)
      rubocop (>= 0.51.0)
    ruby-progressbar (1.10.1)
    spring (2.1.0)
    spring-watcher-listen (2.0.1)
      listen (>= 2.7, < 4.0)
      spring (>= 1.2, < 3.0)
    sprockets (4.0.0)
      concurrent-ruby (~> 1.0)
      rack (> 1, < 3)
    sprockets-rails (3.2.1)
      actionpack (>= 4.0)
      activesupport (>= 4.0)
      sprockets (>= 3.0.0)
    thor (1.1.0)
    thread_safe (0.3.6)
    tzinfo (1.2.9)
      thread_safe (~> 0.1)
    unicode-display_width (1.7.0)
    websocket-driver (0.7.2)
      websocket-extensions (>= 0.1.0)
    websocket-extensions (0.1.5)
    zeitwerk (2.4.2)

PLATFORMS
  ruby

DEPENDENCIES
  bcrypt
  bootsnap (>= 1.1.0)
  database_cleaner
  dotenv-rails
  draper
  factory_bot_rails
  ffaker
  listen (>= 3.0.5, < 3.5)
  pagy
  pg (>= 0.18, < 2.0)
  pry-rails
  puma (~> 4.3)
  pundit
  rack-cors
  rails (~> 6.0.3)
  rspec-rails
  rswag-api
  rswag-specs
  rubocop
  rubocop-performance
  rubocop-rails
  rubocop-thread_safety
  spring
  spring-watcher-listen (~> 2.0.0)

RUBY VERSION
   ruby 2.6.2p47

BUNDLED WITH
   1.17.2
